GEM
  remote: https://rubygems.org/
  specs:
    chunky_png (1.3.1)
    diff-lcs (1.2.5)
    imgkit (1.4.1)
    mini_portile (0.6.0)
    nokogiri (1.6.2.1)
      mini_portile (= 0.6.0)
    rspec (2.14.1)
      rspec-core (~> 2.14.0)
      rspec-expectations (~> 2.14.0)
      rspec-mocks (~> 2.14.0)
    rspec-core (2.14.8)
    rspec-expectations (2.14.5)
      diff-lcs (>= 1.1.3, < 2.0)
    rspec-mocks (2.14.6)
    table2png (0.0.2)
      chunky_png
      imgkit (= 1.4.1)

PLATFORMS
  ruby

DEPENDENCIES
  nokogiri
  rspec
  table2png
